GIT
  remote: git://github.com/intridea/omniauth-oauth2.git
  revision: d6409bb14337675e22c50f3c76b5d7f672a631a3
  specs:
    omniauth-oauth2 (1.1.1)
      oauth2 (~> 0.9.0)
      omniauth (~> 1.0)

PATH
  remote: .
  specs:
    omniauth-paypal (1.0)
      omniauth-oauth2 (~> 1.1.0)

GEM
  remote: https://rubygems.org/
  specs:
    diff-lcs (1.1.3)
    faraday (0.8.6)
      multipart-post (~> 1.1)
    hashie (1.2.0)
    httpauth (0.2.0)
    json (1.6.6)
    jwt (0.1.5)
      multi_json (>= 1.0)
    multi_json (1.6.1)
    multi_xml (0.5.3)
    multipart-post (1.2.0)
    oauth2 (0.9.1)
      faraday (~> 0.8)
      httpauth (~> 0.1)
      jwt (~> 0.1.4)
      multi_json (~> 1.0)
      multi_xml (~> 0.5)
      rack (~> 1.2)
    omniauth (1.1.3)
      hashie (~> 1.2)
      rack
    rack (1.5.2)
    rake (0.9.2.2)
    rspec (2.7.0)
      rspec-core (~> 2.7.0)
      rspec-expectations (~> 2.7.0)
      rspec-mocks (~> 2.7.0)
    rspec-core (2.7.1)
    rspec-expectations (2.7.0)
      diff-lcs (~> 1.1.2)
    rspec-mocks (2.7.0)

PLATFORMS
  ruby

DEPENDENCIES
  json
  omniauth-oauth2 (~> 1.1.1)!
  omniauth-paypal!
  rake
  rspec (~> 2.7.0)
